GEM
  remote: https://rubygems.org/
  specs:
    bigdecimal (3.2.1)
    date (3.4.1)
    logger (1.7.0)
    multi_json (1.15.0)
    mustermann (2.0.2)
      ruby2_keywords (~> 0.0.1)
    mysql2 (0.5.6)
    psych (5.2.6)
      date
      stringio
    rack (2.2.16)
    rack-contrib (2.5.0)
      rack (< 4)
    rack-protection (2.2.4)
      rack
    ruby2_keywords (0.0.5)
    sinatra (2.2.4)
      mustermann (~> 2.0)
      rack (~> 2.2)
      rack-protection (= 2.2.4)
      tilt (~> 2.0)
    sinatra-contrib (2.2.4)
      multi_json
      mustermann (~> 2.0)
      rack-protection (= 2.2.4)
      sinatra (= 2.2.4)
      tilt (~> 2.0)
    sinatra-reloader (1.0)
      sinatra-contrib
    stringio (3.1.7)
    tilt (2.6.0)

PLATFORMS
  arm64-darwin-24
  ruby

DEPENDENCIES
  bigdecimal (~> 3.1)
  logger (~> 1.4)
  mysql2 (~> 0.5)
  psych (~> 5.0)
  rack-contrib (~> 2.3)
  sinatra (~> 2.1)
  sinatra-reloader (~> 1.0)

BUNDLED WITH
   2.5.3
